GEM
  remote: https://rubygems.org/
  specs:
    json (2.6.1)
    minitest (5.15.0)

PLATFORMS
  ruby

DEPENDENCIES
  json
  minitest

BUNDLED WITH
   1.17.2
